GEM
  remote: http://rubygems.org/
  specs:
    activesupport (3.0.5)
    aws-s3 (0.6.2)
      builder
      mime-types
      xml-simple
    builder (3.0.0)
    configuration (1.3.1)
    heroku (2.3.6)
      launchy (>= 0.3.2)
      rest-client (~> 1.6.1)
      term-ansicolor (~> 1.0.5)
    i18n (0.5.0)
    json (1.5.3)
    launchy (0.4.0)
      configuration (>= 0.0.5)
      rake (>= 0.8.1)
    mail (2.2.15)
      activesupport (>= 2.3.6)
      i18n (>= 0.4.0)
      mime-types (~> 1.16)
      treetop (~> 1.4.8)
    mime-types (1.16)
    polyglot (0.3.1)
    pony (1.3)
      mail (> 2.0)
    rack (1.3.0)
    rake (0.9.2)
    rest-client (1.6.3)
      mime-types (>= 1.16)
    sinatra (1.1.2)
      rack (~> 1.1)
      tilt (~> 1.2)
    term-ansicolor (1.0.5)
    tilt (1.3.2)
    treetop (1.4.9)
      polyglot (>= 0.3.1)
    xml-simple (1.1.0)

PLATFORMS
  ruby

DEPENDENCIES
  aws-s3 (= 0.6.2)
  heroku (= 2.3.6)
  json (= 1.5.3)
  pony (= 1.3)
  sinatra (= 1.1.2)
